GEM
  remote: http://rubygems.org/
  specs:
    activemodel (5.0.2)
      activesupport (= 5.0.2)
    activemodel-serializers-xml (1.0.1)
      activemodel (> 5.x)
      activerecord (> 5.x)
      activesupport (> 5.x)
      builder (~> 3.1)
    activerecord (5.0.2)
      activemodel (= 5.0.2)
      activesupport (= 5.0.2)
      arel (~> 7.0)
    activesupport (5.0.2)
      concurrent-ruby (~> 1.0, >= 1.0.2)
      i18n (~> 0.7)
      minitest (~> 5.1)
      tzinfo (~> 1.1)
    arel (7.1.4)
    bson (1.12.5)
    bson_ext (1.12.5)
      bson (~> 1.12.5)
    builder (3.2.3)
    concurrent-ruby (1.0.5)
    curb (0.9.3)
    htmlentities (4.3.3)
    i18n (0.8.1)
    json (1.8.2)
    mini_portile2 (2.3.0)
    minitest (5.10.1)
    mongo (1.12.5)
      bson (= 1.12.5)
    mongo_mapper (0.14.0)
      activemodel (>= 3.0.0)
      activesupport (>= 3.0)
      mongo (~> 1.8)
      plucky (~> 0.7.0)
    nokogiri (1.8.3)
      mini_portile2 (~> 2.3.0)
    plucky (0.7.0)
      mongo (~> 1.5)
    retries (0.0.5)
    thread_safe (0.3.6)
    tzinfo (1.2.2)
      thread_safe (~> 0.1)

PLATFORMS
  ruby

DEPENDENCIES
  activemodel (~> 5.0.2)
  activemodel-serializers-xml (~> 1.0.1)
  bson_ext (~> 1.12.5)
  curb (~> 0.9.3)
  htmlentities
  json (~> 1.8.2)
  mongo_mapper (~> 0.14.0)
  nokogiri (~> 1.8.2)
  retries (~> 0.0.5)

BUNDLED WITH
   1.16.1
