GEM
  remote: http://rubygems.org/
  specs:
    activemodel (3.2.8)
      activesupport (= 3.2.8)
      builder (~> 3.0.0)
    activesupport (3.2.8)
      i18n (~> 0.6)
      multi_json (~> 1.0)
    bson (1.7.0)
    bson_ext (1.7.0)
      bson (~> 1.7.0)
    builder (3.0.3)
    curb (0.7.18)
    htmlentities (4.3.1)
    i18n (0.6.1)
    json (1.6.7)
    mongo (1.7.0)
      bson (~> 1.7.0)
    mongo_mapper (0.11.2)
      activemodel (~> 3.0)
      activesupport (~> 3.0)
      plucky (~> 0.5.1)
    multi_json (1.3.6)
    nokogiri (1.5.5)
    plucky (0.5.2)
      mongo (~> 1.5)
    retries (0.0.5)

PLATFORMS
  ruby

DEPENDENCIES
  bson_ext
  curb (~> 0.7.18)
  htmlentities
  json (~> 1.6.5)
  mongo_mapper (~> 0.11.0)
  nokogiri (~> 1.5.0)
  retries (~> 0.0.5)
