GEM
  remote: http://rubygems.org/
  specs:
    curb (0.7.18)
    dalli (1.1.4)
    nokogiri (1.5.0)

PLATFORMS
  ruby

DEPENDENCIES
  curb (~> 0.7.18)
  dalli
  nokogiri (~> 1.5.0)
