GEM
  remote: http://rubygems.org/
  specs:
    curb (0.7.18)
    dalli (2.2.1)
    htmlentities (4.3.1)
    json (1.6.7)
    nokogiri (1.5.5)

PLATFORMS
  ruby

DEPENDENCIES
  curb (~> 0.7.18)
  dalli
  htmlentities
  json (~> 1.6.5)
  nokogiri (~> 1.5.0)
