GEM
  remote: http://rubygems.org/
  specs:
    activemodel (4.2.0)
      activesupport (= 4.2.0)
      builder (~> 3.1)
    activerecord (4.2.0)
      activemodel (= 4.2.0)
      activesupport (= 4.2.0)
      arel (~> 6.0)
    activesupport (4.2.0)
      i18n (~> 0.7)
      json (~> 1.7, >= 1.7.7)
      minitest (~> 5.1)
      thread_safe (~> 0.3, >= 0.3.4)
      tzinfo (~> 1.1)
    arel (6.0.0)
    bson (1.11.1)
    bson_ext (1.11.1)
      bson (~> 1.11.1)
    builder (3.2.2)
    curb (0.7.18)
    htmlentities (4.3.3)
    i18n (0.7.0)
    json (1.8.2)
    minitest (5.5.1)
    mongo (1.11.1)
      bson (= 1.11.1)
    mongo_mapper (0.13.1)
      activemodel (>= 3.0.0)
      activesupport (>= 3.0)
      mongo (~> 1.8)
      plucky (~> 0.6.5)
    nokogiri (1.5.11)
    plucky (0.6.6)
      mongo (~> 1.5)
    retries (0.0.5)
    sqlite3 (1.3.10)
    thread_safe (0.3.4)
    tzinfo (1.2.2)
      thread_safe (~> 0.1)

PLATFORMS
  ruby

DEPENDENCIES
  activerecord (= 4.2.0)
  bson_ext (~> 1.11.1)
  curb (~> 0.7.18)
  htmlentities
  json (~> 1.7)
  mongo_mapper (~> 0.13.1)
  nokogiri (~> 1.5.0)
  retries (~> 0.0.5)
  sqlite3 (~> 1.3)
