GEM
  remote: http://rubygems.org/
  specs:
    activemodel (4.0.13)
      activesupport (= 4.0.13)
      builder (~> 3.1.0)
    activesupport (4.0.13)
      i18n (~> 0.6, >= 0.6.9)
      minitest (~> 4.2)
      multi_json (~> 1.3)
      thread_safe (~> 0.1)
      tzinfo (~> 0.3.37)
    bson (1.11.1)
    bson_ext (1.11.1)
      bson (~> 1.11.1)
    builder (3.1.4)
    curb (0.7.18)
    htmlentities (4.3.1)
    i18n (0.7.0)
    json (1.6.7)
    minitest (4.7.5)
    mongo (1.11.1)
      bson (= 1.11.1)
    mongo_mapper (0.13.1)
      activemodel (>= 3.0.0)
      activesupport (>= 3.0)
      mongo (~> 1.8)
      plucky (~> 0.6.5)
    multi_json (1.10.1)
    nokogiri (1.5.5)
    plucky (0.6.6)
      mongo (~> 1.5)
    retries (0.0.5)
    thread_safe (0.3.4)
    tzinfo (0.3.42)

PLATFORMS
  ruby

DEPENDENCIES
  bson_ext (~> 1.11.1)
  curb (~> 0.7.18)
  htmlentities
  json (~> 1.6.5)
  mongo_mapper (~> 0.13.1)
  nokogiri (~> 1.5.0)
  retries (~> 0.0.5)
